GEM
  remote: http://rubygems.org/
  specs:
    dbf (1.7.5)
    diff-lcs (1.1.3)
    json (1.6.6)
    rspec (2.9.0)
      rspec-core (~> 2.9.0)
      rspec-expectations (~> 2.9.0)
      rspec-mocks (~> 2.9.0)
    rspec-core (2.9.0)
    rspec-expectations (2.9.0)
      diff-lcs (~> 1.1.3)
    rspec-mocks (2.9.0)

PLATFORMS
  ruby

DEPENDENCIES
  bundler (>= 1.0.0)
  dbf (>= 1.7.0)
  json (>= 1.6.5)
  rspec (>= 2.3.0)
