GEM
  remote: http://rubygems.org/
  specs:
    activesupport (3.0.5)
    dbf (1.5.2)
      activesupport (~> 3.0.0)
      fastercsv (= 1.5.3)
      i18n (~> 0.4.2)
    diff-lcs (1.1.2)
    fastercsv (1.5.3)
    i18n (0.4.2)
    rcov (0.9.9)
    rspec (2.5.0)
      rspec-core (~> 2.5.0)
      rspec-expectations (~> 2.5.0)
      rspec-mocks (~> 2.5.0)
    rspec-core (2.5.1)
    rspec-expectations (2.5.0)
      diff-lcs (~> 1.1.2)
    rspec-mocks (2.5.0)

PLATFORMS
  ruby

DEPENDENCIES
  bundler (>= 1.0.0)
  dbf (>= 1.5.0)
  rcov
  rspec (>= 2.3.0)
